GEM
  specs:
    childprocess (0.5.9)
      ffi (~> 1.0, >= 1.0.11)
    ffi (1.9.10)
    hoe (3.15.1)
      rake (>= 0.8, < 12.0)
    rake (10.5.0)
    rubyzip (1.1.7)
    selenium-webdriver (2.53.4)
      childprocess (~> 0.5)
      rubyzip (~> 1.0)
      websocket (~> 1.0)
    test-unit (1.2.3)
      hoe (>= 1.5.1)
    websocket (1.2.2)

PLATFORMS
  ruby

DEPENDENCIES
  selenium-webdriver
  test-unit

BUNDLED WITH
   1.12.5
